GEM
  remote: http://rubygems.org/
  specs:
    activesupport (3.2.8)
      i18n (~> 0.6)
      multi_json (~> 1.0)
    facets (2.9.3)
    fastercsv (1.5.5)
    i18n (0.6.1)
    multi_json (1.3.6)
    nest (1.1.2)
      redis
    ohm (1.2.0)
      nest (~> 1.0)
      redis
      scrivener (~> 0.0.3)
    redis (3.0.1)
    scrivener (0.0.3)

PLATFORMS
  ruby

DEPENDENCIES
  activesupport
  facets
  fastercsv
  ohm
